GEM
  remote: https://rubygems.org/
  specs:
    bourbon (5.0.0.beta.6)
      sass (~> 3.4.22)
      thor (~> 0.19.1)
    sass (3.4.22)
    thor (0.19.1)

PLATFORMS
  ruby

DEPENDENCIES
  bourbon (~> 5.0.0.beta.6)
  sass (~> 3.4)

BUNDLED WITH
   1.11.2
