GEM
  remote: https://rubygems.org/
  specs:
    bitters (1.4.0)
      bourbon (>= 5.0.0.beta.6)
      sass (~> 3.4)
      thor (~> 0.19)
    bourbon (5.0.0.beta.6)
      sass (~> 3.4.22)
      thor (~> 0.19.1)
    neat (2.0.0.beta.1)
      sass (~> 3.4)
      thor (~> 0.19)
    sass (3.4.22)
    thor (0.19.1)

PLATFORMS
  ruby

DEPENDENCIES
  bitters (~> 1.4)
  bourbon (~> 5.0.0.beta.6)
  neat (~> 2.0.0.beta.1)
  sass (~> 3.4)

BUNDLED WITH
   1.11.2
